GIT
  remote: git://github.com/dinesh/sequel_polymorphic.git
  revision: ecf497b16eae2dac9436f5df2c7864ed946ac5ef
  specs:
    sequel_polymorphic (0.0.1)

GEM
  remote: https://rubygems.org/
  specs:
    ZenTest (4.9.5)
    autotest (4.4.6)
      ZenTest (>= 4.4.1)
    autotest-inotify (0.0.6)
      autotest (>= 4.2.4)
      rb-inotify
    aws-sdk (1.26.0)
      json (~> 1.4)
      nokogiri (>= 1.4.4, < 1.6.0)
      uuidtools (~> 2.1)
    bacon (1.2.0)
    diff-lcs (1.1.3)
    ffi (1.9.3)
    json (1.8.1)
    metaclass (0.0.1)
    mocha (0.12.10)
      metaclass (~> 0.0.1)
    multi_json (1.8.2)
    nokogiri (1.5.10)
    pg (0.17.0)
    puma (2.6.0)
      rack (>= 1.1, < 2.0)
    rack (1.5.2)
    rack-protection (1.5.1)
      rack
    rack-test (0.6.2)
      rack (>= 1.0)
    rb-inotify (0.9.2)
      ffi (>= 0.5.0)
    rspec (2.5.0)
      rspec-core (~> 2.5.0)
      rspec-expectations (~> 2.5.0)
      rspec-mocks (~> 2.5.0)
    rspec-core (2.5.2)
    rspec-expectations (2.5.0)
      diff-lcs (~> 1.1.2)
    rspec-mocks (2.5.0)
    sequel (4.4.0)
    shotgun (0.9)
      rack (>= 1.0)
    sinatra (1.4.4)
      rack (~> 1.4)
      rack-protection (~> 1.4)
      tilt (~> 1.3, >= 1.3.4)
    sinatra-sequel (0.9.0)
      bacon
      sequel (>= 3.2.0)
      sinatra (>= 0.9.4)
    sqlite3 (1.3.8)
    tilt (1.4.1)
    uuidtools (2.1.4)

PLATFORMS
  ruby

DEPENDENCIES
  autotest
  autotest-inotify
  aws-sdk
  mocha (~> 0.12.8)
  multi_json
  pg
  puma
  rack
  rack-test
  rspec (= 2.5.0)
  rspec-core
  sequel
  sequel_polymorphic!
  shotgun
  sinatra
  sinatra-sequel
  sqlite3
